GEM
  remote: http://rubygems.org/
  specs:
    diff-lcs (1.2.4)
    multi_json (1.6.1)
    rake (10.1.0)
    rspec (2.14.1)
      rspec-core (~> 2.14.0)
      rspec-expectations (~> 2.14.0)
      rspec-mocks (~> 2.14.0)
    rspec-core (2.14.4)
    rspec-expectations (2.14.0)
      diff-lcs (>= 1.1.3, < 2.0)
    rspec-mocks (2.14.2)
    simplecov (0.7.1)
      multi_json (~> 1.0)
      simplecov-html (~> 0.7.1)
    simplecov-html (0.7.1)
    sqlite3 (1.3.8)

PLATFORMS
  ruby

DEPENDENCIES
  rake (~> 10.1.0)
  rspec (>= 2.14.1)
  simplecov
  sqlite3 (>= 1.3.8)
