GEM
  remote: http://rubygems.org/
  specs:
    diff-lcs (1.2.5)
    docile (1.1.5)
    minitest (5.4.2)
    multi_json (1.10.1)
    rspec (2.14.1)
      rspec-core (~> 2.14.0)
      rspec-expectations (~> 2.14.0)
      rspec-mocks (~> 2.14.0)
    rspec-core (2.14.8)
    rspec-expectations (2.14.5)
      diff-lcs (>= 1.1.3, < 2.0)
    rspec-mocks (2.14.6)
    simplecov (0.9.1)
      docile (~> 1.1.0)
      multi_json (~> 1.0)
      simplecov-html (~> 0.8.0)
    simplecov-html (0.8.0)

PLATFORMS
  ruby

DEPENDENCIES
  minitest (~> 5.4.2)
  rspec (= 2.14.1)
  simplecov
