GEM
  remote: http://rubygems.org/
  specs:
    diff-lcs (1.1.3)
    geokit (1.6.5)
      multi_json
    multi_json (1.3.6)
    nokogiri (1.5.5)
    rake (0.9.2.2)
    rspec (2.11.0)
      rspec-core (~> 2.11.0)
      rspec-expectations (~> 2.11.0)
      rspec-mocks (~> 2.11.0)
    rspec-core (2.11.1)
    rspec-expectations (2.11.1)
      diff-lcs (~> 1.1.3)
    rspec-mocks (2.11.1)
    simplecov (0.6.4)
      multi_json (~> 1.0)
      simplecov-html (~> 0.5.3)
    simplecov-html (0.5.3)

PLATFORMS
  ruby

DEPENDENCIES
  geokit
  nokogiri (>= 1.5.5)
  rake (>= 0.9.2.2)
  rspec (>= 2.11.0)
  simplecov (>= 0.6.4)
